GIT
  remote: https://github.com/beegoodit/bgit-ruby
  revision: 0a30bc268ebbc5292fb1073a76e9f2b1c6bb7274
  specs:
    bgit-frontend_auth (0.0.1)
      authlogic
      cmor-core-backend
      rails (>= 7.0.4.3)
      sassc-rails
      scrypt
      simple_form-polymorphic_associations
    bgit-invoicing (0.1.0)
      aasm
      administrador (>= 0.0.30.pre)
      after_commit_everywhere
      bgit-frontend_auth
      cmor-core-backend (>= 0.0.60.pre)
      cmor-core-settings
      cocoon
      json_seeds-rails
      lexoffice_client
      money-rails
      pundit
      rails (>= 7.0.4.3)
      simple_form-datetimepicker
      simple_form-polymorphic_associations (>= 0.0.5)
      turbo-rails

GIT
  remote: https://github.com/beegoodit/lexoffice-ruby
  revision: 8ca9c45b161b73e2bb93e93fdba829be0c3e7480
  specs:
    lexoffice_client (0.0.1)
      httparty
      rao-service
      zeitwerk
    lexoffice_client-rails (0.0.1)
      lexoffice_client
      rails

GIT
  remote: https://github.com/content-management-on-rails/cmor
  revision: 7eaae4d50bfe8718becbcb51a8699d67fb9694b6
  branch: main
  specs:
    cmor (0.0.61.pre)
    cmor-core (0.0.61.pre)
      bootstrap-kaminari-views
      cmor (= 0.0.61.pre)
      delayed_job_active_record
      kaminari
      rails (>= 7.0)
      rao-view_helper (>= 0.0.49.pre)
      request_store_rails
      route_translator
    cmor-core-backend (0.0.61.pre)
      administrador (>= 0.0.32.pre)
      cmor-core (= 0.0.61.pre)
      rails (>= 7.0)
      sass-rails
    cmor-core-settings (0.0.61.pre)
      cmor-core (= 0.0.61.pre)
      cmor-core-backend (= 0.0.61.pre)
      cocoon
      rails (>= 7.0)

GIT
  remote: https://github.com/content-management-on-rails/cmor-translations
  revision: fe8943cd74a241c63b39bb9548d2d139c16b53fc
  specs:
    cmor-translations (4.1.2)
      cmor-core (>= 0.0.5.pre)
      i18n-active_record
      rails (>= 5.2.0)

GIT
  remote: https://github.com/robotex82/json_seeds-rails
  revision: 8b19ca1eb2fb2def59aac0afafa9e35e2d322032
  specs:
    json_seeds-rails (0.0.1)
      activerecord
      rao-service

GIT
  remote: https://github.com/robotex82/rails-dummy.git
  revision: 5920215f0458c693e9c2f8cfa5df313dec074f21
  branch: feature/ruby-3-2-compatibility
  specs:
    rails-dummy (0.1.1)
      railties

GIT
  remote: https://github.com/robotex82/simple_form-fake_inputs
  revision: 7341ee57b3950e418490e052e835c5297e57e8c6
  specs:
    simple_form-fake_inputs (0.0.1)
      simple_form

GIT
  remote: https://github.com/robotex82/timeline_events
  revision: 4b6e95227f0f99f450b398e2f80f5714f0e1156e
  specs:
    timeline_events (0.0.1)
      rails
      rao-view_helper

PATH
  remote: .
  specs:
    tfc-mdm (0.0.1)
      acts_as_list
      acts_as_published
      bgit-invoicing
      cmor-translations
      coffee-rails
      friendly_id
      geocoder
      money-rails
      rails (>= 6.1)
      rao-active_collection
      rao-component (>= 0.0.52.pre)
      rao-resources_controller
      rao-service
      route_translator
      simple_form-fake_inputs
      simple_form-polymorphic_associations
      timeline_events

GEM
  remote: https://rubygems.org/
  specs:
    aasm (5.5.0)
      concurrent-ruby (~> 1.0)
    actioncable (7.0.8)
      actionpack (= 7.0.8)
      activesupport (= 7.0.8)
      nio4r (~> 2.0)
      websocket-driver (>= 0.6.1)
    actionmailbox (7.0.8)
      actionpack (= 7.0.8)
      activejob (= 7.0.8)
      activerecord (= 7.0.8)
      activestorage (= 7.0.8)
      activesupport (= 7.0.8)
      mail (>= 2.7.1)
      net-imap
      net-pop
      net-smtp
    actionmailer (7.0.8)
      actionpack (= 7.0.8)
      actionview (= 7.0.8)
      activejob (= 7.0.8)
      activesupport (= 7.0.8)
      mail (~> 2.5, >= 2.5.4)
      net-imap
      net-pop
      net-smtp
      rails-dom-testing (~> 2.0)
    actionpack (7.0.8)
      actionview (= 7.0.8)
      activesupport (= 7.0.8)
      rack (~> 2.0, >= 2.2.4)
      rack-test (>= 0.6.3)
      rails-dom-testing (~> 2.0)
      rails-html-sanitizer (~> 1.0, >= 1.2.0)
    actiontext (7.0.8)
      actionpack (= 7.0.8)
      activerecord (= 7.0.8)
      activestorage (= 7.0.8)
      activesupport (= 7.0.8)
      globalid (>= 0.6.0)
      nokogiri (>= 1.8.5)
    actionview (7.0.8)
      activesupport (= 7.0.8)
      builder (~> 3.1)
      erubi (~> 1.4)
      rails-dom-testing (~> 2.0)
      rails-html-sanitizer (~> 1.1, >= 1.2.0)
    activejob (7.0.8)
      activesupport (= 7.0.8)
      globalid (>= 0.3.6)
    activemodel (7.0.8)
      activesupport (= 7.0.8)
    activerecord (7.0.8)
      activemodel (= 7.0.8)
      activesupport (= 7.0.8)
    activestorage (7.0.8)
      actionpack (= 7.0.8)
      activejob (= 7.0.8)
      activerecord (= 7.0.8)
      activesupport (= 7.0.8)
      marcel (~> 1.0)
      mini_mime (>= 1.1.0)
    activesupport (7.0.8)
      concurrent-ruby (~> 1.0, >= 1.0.2)
      i18n (>= 1.6, < 2)
      minitest (>= 5.1)
      tzinfo (~> 2.0)
    acts_as_list (1.1.0)
      activerecord (>= 4.2)
    acts_as_published (1.1.0)
      rails (>= 3.2.0)
    addressable (2.8.6)
      public_suffix (>= 2.0.2, < 6.0)
    administrador (0.0.32.pre)
      bootstrap4-kaminari-views
      coffee-rails
      haml-rails
      rails (>= 6.1)
      rails-i18n
      rao-component (>= 0.0.46.pre)
      rao-query (>= 0.0.33.pre)
      rao-resource_controller (>= 0.0.23.pre)
      rao-resources_controller (>= 0.0.47.pre)
      rao-service_controller (>= 0.0.47.pre)
      rao-view_helper (>= 0.0.48.pre)
      route_translator
      simple_form
      simple_form-datetimepicker (>= 0.0.1)
      simple_sidebar (>= 0.0.6.pre)
    after_commit_everywhere (1.3.1)
      activerecord (>= 4.2)
      activesupport
    authlogic (6.4.3)
      activemodel (>= 5.2, < 7.2)
      activerecord (>= 5.2, < 7.2)
      activesupport (>= 5.2, < 7.2)
      request_store (~> 1.0)
    bcrypt (3.1.18)
    bootsnap (1.17.1)
      msgpack (~> 1.2)
    bootstrap-kaminari-views (0.0.5)
      kaminari (>= 0.13)
      rails (>= 3.1)
    bootstrap3-datetimepicker-rails (4.17.47)
      momentjs-rails (>= 2.8.1)
    bootstrap4-kaminari-views (1.0.1)
      kaminari (>= 0.13)
      rails (>= 3.1)
    builder (3.2.4)
    capybara (3.39.2)
      addressable
      matrix
      mini_mime (>= 0.1.3)
      nokogiri (~> 1.8)
      rack (>= 1.6.0)
      rack-test (>= 0.6.3)
      regexp_parser (>= 1.5, < 3.0)
      xpath (~> 3.2)
    cocoon (1.2.15)
    coderay (1.1.3)
    coffee-rails (5.0.0)
      coffee-script (>= 2.2.0)
      railties (>= 5.2.0)
    coffee-script (2.4.1)
      coffee-script-source
      execjs
    coffee-script-source (1.12.2)
    concurrent-ruby (1.2.2)
    crass (1.0.6)
    date (3.3.4)
    delayed_job (4.1.11)
      activesupport (>= 3.0, < 8.0)
    delayed_job_active_record (4.1.8)
      activerecord (>= 3.0, < 8.0)
      delayed_job (>= 3.0, < 5)
    diff-lcs (1.5.0)
    erubi (1.12.0)
    execjs (2.9.1)
    factory_bot (6.4.5)
      activesupport (>= 5.0.0)
    factory_bot_rails (6.4.3)
      factory_bot (~> 6.4)
      railties (>= 5.0.0)
    ffi (1.16.3)
    ffi-compiler (1.0.1)
      ffi (>= 1.0.0)
      rake
    font-awesome-rails (4.7.0.8)
      railties (>= 3.2, < 8.0)
    formatador (1.1.0)
    friendly_id (5.5.1)
      activerecord (>= 4.0.0)
    geocoder (1.8.2)
    globalid (1.2.1)
      activesupport (>= 6.1)
    guard (2.18.1)
      formatador (>= 0.2.4)
      listen (>= 2.7, < 4.0)
      lumberjack (>= 1.0.12, < 2.0)
      nenv (~> 0.1)
      notiffany (~> 0.0)
      pry (>= 0.13.0)
      shellany (~> 0.0)
      thor (>= 0.18.1)
    guard-bundler (3.0.1)
      bundler (>= 2.1, < 3)
      guard (~> 2.2)
      guard-compat (~> 1.1)
    guard-compat (1.2.1)
    guard-rspec (4.7.3)
      guard (~> 2.1)
      guard-compat (~> 1.1)
      rspec (>= 2.99.0, < 4.0)
    haml (6.3.0)
      temple (>= 0.8.2)
      thor
      tilt
    haml-rails (2.1.0)
      actionpack (>= 5.1)
      activesupport (>= 5.1)
      haml (>= 4.0.6)
      railties (>= 5.1)
    httparty (0.21.0)
      mini_mime (>= 1.0.0)
      multi_xml (>= 0.5.2)
    i18n (1.14.1)
      concurrent-ruby (~> 1.0)
    i18n-active_record (1.3.0)
      i18n (>= 0.5.0)
    kaminari (1.2.2)
      activesupport (>= 4.1.0)
      kaminari-actionview (= 1.2.2)
      kaminari-activerecord (= 1.2.2)
      kaminari-core (= 1.2.2)
    kaminari-actionview (1.2.2)
      actionview
      kaminari-core (= 1.2.2)
    kaminari-activerecord (1.2.2)
      activerecord
      kaminari-core (= 1.2.2)
    kaminari-core (1.2.2)
    listen (3.8.0)
      rb-fsevent (~> 0.10, >= 0.10.3)
      rb-inotify (~> 0.9, >= 0.9.10)
    loofah (2.22.0)
      crass (~> 1.0.2)
      nokogiri (>= 1.12.0)
    lumberjack (1.2.10)
    mail (2.8.1)
      mini_mime (>= 0.1.1)
      net-imap
      net-pop
      net-smtp
    marcel (1.0.2)
    matrix (0.4.2)
    method_source (1.0.0)
    mini_mime (1.1.5)
    minitest (5.21.1)
    momentjs-rails (2.29.4.1)
      railties (>= 3.1)
    monetize (1.12.0)
      money (~> 6.12)
    money (6.16.0)
      i18n (>= 0.6.4, <= 2)
    money-rails (1.15.0)
      activesupport (>= 3.0)
      monetize (~> 1.9)
      money (~> 6.13)
      railties (>= 3.0)
    msgpack (1.7.2)
    multi_xml (0.6.0)
    nenv (0.3.0)
    net-imap (0.4.9.1)
      date
      net-protocol
    net-pop (0.1.2)
      net-protocol
    net-protocol (0.2.2)
      timeout
    net-smtp (0.4.0.1)
      net-protocol
    nio4r (2.7.0)
    nokogiri (1.16.0-aarch64-linux)
      racc (~> 1.4)
    nokogiri (1.16.0-arm-linux)
      racc (~> 1.4)
    nokogiri (1.16.0-arm64-darwin)
      racc (~> 1.4)
    nokogiri (1.16.0-x86-linux)
      racc (~> 1.4)
    nokogiri (1.16.0-x86_64-darwin)
      racc (~> 1.4)
    nokogiri (1.16.0-x86_64-linux)
      racc (~> 1.4)
    notiffany (0.1.3)
      nenv (~> 0.1)
      shellany (~> 0.0)
    pry (0.14.2)
      coderay (~> 1.1)
      method_source (~> 1.0)
    pry-rails (0.3.9)
      pry (>= 0.10.4)
    public_suffix (5.0.4)
    pundit (2.3.1)
      activesupport (>= 3.0.0)
    racc (1.7.3)
    rack (2.2.8)
    rack-proxy (0.7.7)
      rack
    rack-test (2.1.0)
      rack (>= 1.3)
    rails (7.0.8)
      actioncable (= 7.0.8)
      actionmailbox (= 7.0.8)
      actionmailer (= 7.0.8)
      actionpack (= 7.0.8)
      actiontext (= 7.0.8)
      actionview (= 7.0.8)
      activejob (= 7.0.8)
      activemodel (= 7.0.8)
      activerecord (= 7.0.8)
      activestorage (= 7.0.8)
      activesupport (= 7.0.8)
      bundler (>= 1.15.0)
      railties (= 7.0.8)
    rails-dom-testing (2.2.0)
      activesupport (>= 5.0.0)
      minitest
      nokogiri (>= 1.6)
    rails-html-sanitizer (1.6.0)
      loofah (~> 2.21)
      nokogiri (~> 1.14)
    rails-i18n (7.0.8)
      i18n (>= 0.7, < 2)
      railties (>= 6.0.0, < 8)
    railties (7.0.8)
      actionpack (= 7.0.8)
      activesupport (= 7.0.8)
      method_source
      rake (>= 12.2)
      thor (~> 1.0)
      zeitwerk (~> 2.5)
    rake (13.1.0)
    rao (0.0.52.pre)
    rao-active_collection (0.0.51.pre)
      rails (>= 6.1)
      rao
    rao-component (0.0.52.pre)
      haml-rails
      rails (>= 6.1)
      rao
    rao-query (0.0.51.pre)
      rails (>= 6.1)
      rao
      rao-view_helper
    rao-resource_controller (0.0.51.pre)
      rails (>= 6.1)
      rao
      responders
    rao-resources_controller (0.0.51.pre)
      rails (>= 6.1)
      rao
      responders
    rao-service (0.0.51.pre)
      activemodel
      activesupport
      rails (>= 6.1)
      rao
    rao-service_controller (0.0.51.pre)
      font-awesome-rails
      rails (>= 6.1)
      rao
      simple_form
      twitter-bootstrap-components-rails
    rao-view_helper (0.0.52.pre)
      rails (>= 6.1)
      rao
    rb-fsevent (0.11.2)
    rb-inotify (0.10.1)
      ffi (~> 1.0)
    regexp_parser (2.9.0)
    request_store (1.5.1)
      rack (>= 1.4)
    request_store_rails (2.0.0)
      concurrent-ruby (~> 1.0)
    responders (3.1.1)
      actionpack (>= 5.2)
      railties (>= 5.2)
    route_translator (14.1.1)
      actionpack (>= 6.1, < 7.2)
      activesupport (>= 6.1, < 7.2)
    rspec (3.12.0)
      rspec-core (~> 3.12.0)
      rspec-expectations (~> 3.12.0)
      rspec-mocks (~> 3.12.0)
    rspec-core (3.12.2)
      rspec-support (~> 3.12.0)
    rspec-expectations (3.12.3)
      diff-lcs (>= 1.2.0, < 2.0)
      rspec-support (~> 3.12.0)
    rspec-mocks (3.12.6)
      diff-lcs (>= 1.2.0, < 2.0)
      rspec-support (~> 3.12.0)
    rspec-rails (6.1.0)
      actionpack (>= 6.1)
      activesupport (>= 6.1)
      railties (>= 6.1)
      rspec-core (~> 3.12)
      rspec-expectations (~> 3.12)
      rspec-mocks (~> 3.12)
      rspec-support (~> 3.12)
    rspec-support (3.12.1)
    sass-rails (6.0.0)
      sassc-rails (~> 2.1, >= 2.1.1)
    sassc (2.4.0)
      ffi (~> 1.9)
    sassc-rails (2.1.2)
      railties (>= 4.0.0)
      sassc (>= 2.0)
      sprockets (> 3.0)
      sprockets-rails
      tilt
    scrypt (3.0.7)
      ffi-compiler (>= 1.0, < 2.0)
    semantic_range (3.0.0)
    shellany (0.0.1)
    shoulda-matchers (6.0.0)
      activesupport (>= 5.2.0)
    simple_form (5.3.0)
      actionpack (>= 5.2)
      activemodel (>= 5.2)
    simple_form-datetimepicker (0.0.3)
      bootstrap3-datetimepicker-rails
      coffee-rails
      momentjs-rails
      rails (>= 5.0.0)
    simple_form-polymorphic_associations (0.0.5)
      simple_form
    simple_sidebar (0.0.6.pre)
      coffee-rails
      rails (>= 5.0.0)
      rao-view_helper (>= 0.0.17.pre)
    sprockets (4.2.1)
      concurrent-ruby (~> 1.0)
      rack (>= 2.2.4, < 4)
    sprockets-rails (3.4.2)
      actionpack (>= 5.2)
      activesupport (>= 5.2)
      sprockets (>= 3.0.0)
    sqlite3 (1.7.0-aarch64-linux)
    sqlite3 (1.7.0-arm-linux)
    sqlite3 (1.7.0-arm64-darwin)
    sqlite3 (1.7.0-x86-linux)
    sqlite3 (1.7.0-x86_64-darwin)
    sqlite3 (1.7.0-x86_64-linux)
    temple (0.10.3)
    thor (1.3.0)
    tilt (2.3.0)
    timeout (0.4.1)
    turbo-rails (1.5.0)
      actionpack (>= 6.0.0)
      activejob (>= 6.0.0)
      railties (>= 6.0.0)
    twitter-bootstrap-components-rails (1.0.0)
      haml-rails
      rails (>= 3.2)
      rao-view_helper
    tzinfo (2.0.6)
      concurrent-ruby (~> 1.0)
    webpacker (5.4.4)
      activesupport (>= 5.2)
      rack-proxy (>= 0.6.1)
      railties (>= 5.2)
      semantic_range (>= 2.3.0)
    websocket-driver (0.7.6)
      websocket-extensions (>= 0.1.0)
    websocket-extensions (0.1.5)
    xpath (3.2.0)
      nokogiri (~> 1.8)
    zeitwerk (2.6.12)

PLATFORMS
  aarch64-linux
  arm-linux
  arm64-darwin
  x86-linux
  x86_64-darwin
  x86_64-linux

DEPENDENCIES
  bcrypt
  bgit-frontend_auth!
  bgit-invoicing!
  bootsnap
  capybara
  cmor!
  cmor-core!
  cmor-core-backend!
  cmor-core-settings!
  cmor-translations!
  factory_bot_rails
  guard-bundler
  guard-rspec
  json_seeds-rails!
  lexoffice_client!
  lexoffice_client-rails!
  pry-rails
  rails (>= 7, < 7.1)
  rails-dummy!
  rspec-rails
  shoulda-matchers
  simple_form-fake_inputs!
  sprockets-rails
  sqlite3 (~> 1.4)
  tfc-mdm!
  timeline_events!
  webpacker

BUNDLED WITH
   2.5.4
